GEM
  remote: https://rubygems.org/
  specs:
    ascii-charts (0.9.3)
    colorize (0.8.1)
    rainbow (3.0.0)
    strings-ansi (0.1.0)
    terminal-table (1.8.0)
      unicode-display_width (~> 1.1, >= 1.1.1)
    tty (0.1.0)
    tty-cursor (0.7.0)
    tty-progressbar (0.17.0)
      strings-ansi (~> 0.1.0)
      tty-cursor (~> 0.7)
      tty-screen (~> 0.7)
      unicode-display_width (~> 1.6)
    tty-screen (0.7.0)
    unicode-display_width (1.6.0)

PLATFORMS
  ruby

DEPENDENCIES
  ascii-charts (~> 0.9.2)
  colorize (~> 0.8.1)
  rainbow (~> 3.0)
  terminal-table (~> 1.8)
  tty
  tty-progressbar

BUNDLED WITH
   2.0.2

